GEM
  remote: https://rubygems.org/
  specs:
    certified (1.0.0)
    httpclient (2.8.0)
    mini_portile2 (2.3.0)
    nokogiri (1.8.5)
      mini_portile2 (~> 2.3.0)
    nokogiri (1.8.5-x64-mingw32)
      mini_portile2 (~> 2.3.0)

PLATFORMS
  ruby
  x64-mingw32

DEPENDENCIES
  certified
  httpclient
  nokogiri (>= 1.8.5)

BUNDLED WITH
   1.16.6
