GEM
  remote: https://rubygems.org/
  specs:
    certified (1.0.0)
    httpclient (2.8.0)
    mini_portile2 (2.4.0)
    nokogiri (1.10.4)
      mini_portile2 (~> 2.4.0)
    nokogiri (1.10.4-x64-mingw32)
      mini_portile2 (~> 2.4.0)

PLATFORMS
  ruby
  x64-mingw32

DEPENDENCIES
  certified
  httpclient
  nokogiri (>= 1.8.3)

BUNDLED WITH
   1.17.3
